GEM
  remote: https://rubygems.org/
  specs:
    addressable (2.3.6)
    daemons (1.1.9)
    dotenv (0.11.1)
      dotenv-deployment (~> 0.0.2)
    dotenv-deployment (0.0.2)
    eventmachine (1.0.3)
    httpclient (2.4.0)
    json (1.8.1)
    multi_json (1.10.1)
    pusher (0.14.1)
      httpclient (~> 2.3)
      multi_json (~> 1.0)
      signature (~> 0.1.6)
    rack (1.5.2)
    rack-protection (1.5.3)
      rack
    rack-test (0.6.2)
      rack (>= 1.0)
    rake (10.3.2)
    redis (3.1.0)
    signature (0.1.7)
    sinatra (1.4.5)
      rack (~> 1.4)
      rack-protection (~> 1.4)
      tilt (~> 1.3, >= 1.3.4)
    sinatra-redis (0.3.0)
      redis
      sinatra (>= 0.9.4)
    thin (1.6.2)
      daemons (>= 1.0.9)
      eventmachine (>= 1.0.0)
      rack (>= 1.0.0)
    tilt (1.4.1)

PLATFORMS
  ruby

DEPENDENCIES
  addressable
  dotenv
  json
  pusher
  rack-test
  rake
  sinatra
  sinatra-redis
  thin
